GEM
  remote: https://rubygems.org/
  specs:
    rake (10.0.4)
    teacup (2.0.2)

PLATFORMS
  ruby

DEPENDENCIES
  rake
  teacup
